GIT
  remote: git://github.com/capistrano/composer.git
  revision: aa31fe43b669fe1caee7e5703256f16fef519133
  specs:
    capistrano-composer (0.0.6)
      capistrano (>= 3.0.0.pre)

GIT
  remote: git://github.com/capistrano/symfony.git
  revision: f557b3ce2cb0a90d43704e73a9dbda8ea170fb0e
  specs:
    capistrano-symfony (0.4.0)
      capistrano (~> 3.1)
      capistrano-composer (~> 0.0.3)
      capistrano-file-permissions (~> 0.1.0)

GEM
  remote: https://rubygems.org/
  specs:
    capistrano (3.4.0)
      i18n
      rake (>= 10.0.0)
      sshkit (~> 1.3)
    capistrano-file-permissions (0.1.0)
      capistrano (>= 3.0.0)
    chronic (0.10.2)
    colorize (0.7.7)
    i18n (0.7.0)
    net-scp (1.2.1)
      net-ssh (>= 2.6.5)
    net-ssh (2.9.2)
    rake (10.4.2)
    sshkit (1.7.1)
      colorize (>= 0.7.0)
      net-scp (>= 1.1.2)
      net-ssh (>= 2.8.0)
    whenever (0.9.4)
      chronic (>= 0.6.3)

PLATFORMS
  ruby

DEPENDENCIES
  capistrano (= 3.4.0)
  capistrano-composer (= 0.0.6)!
  capistrano-symfony (= 0.4.0)!
  i18n (= 0.7.0)
  rake (= 10.4.2)
  whenever (= 0.9.4)
